GEM
  specs:
    diff-lcs (1.5.0)
    nokogiri (1.13.1-x86_64-linux)
      racc (~> 1.4)
    racc (1.4.16)
    rspec (3.10.0)
      rspec-core (~> 3.10.0)
      rspec-expectations (~> 3.10.0)
      rspec-mocks (~> 3.10.0)
    rspec-core (3.10.1)
      rspec-support (~> 3.10.0)
    rspec-expectations (3.10.2)
      diff-lcs (>= 1.2.0, < 2.0)
      rspec-support (~> 3.10.0)
    rspec-mocks (3.10.2)
      diff-lcs (>= 1.2.0, < 2.0)
      rspec-support (~> 3.10.0)
    rspec-support (3.10.3)

PLATFORMS
  x86_64-linux

DEPENDENCIES
  nokogiri
  rspec

RUBY VERSION
   ruby 2.7.4p191

BUNDLED WITH
   2.3.5
